GEM
  remote: https://rubygems.org/
  specs:
    axiom-types (0.1.1)
      descendants_tracker (~> 0.0.4)
      ice_nine (~> 0.11.0)
      thread_safe (~> 0.3, >= 0.3.1)
    coercible (1.0.0)
      descendants_tracker (~> 0.0.1)
    descendants_tracker (0.0.4)
      thread_safe (~> 0.3, >= 0.3.1)
    equalizer (0.0.11)
    ice_nine (0.11.2)
    iso8601 (0.8.7)
    multi_json (1.13.1)
    mustermann (1.0.2)
    rack (2.0.5)
    rack-protection (2.0.1)
      rack
    rtasklib (0.2.4)
      iso8601 (= 0.8.7)
      multi_json (~> 1.7)
      virtus (~> 1.0)
    sinatra (2.0.1)
      mustermann (~> 1.0)
      rack (~> 2.0)
      rack-protection (= 2.0.1)
      tilt (~> 2.0)
    thread_safe (0.3.6)
    tilt (2.0.8)
    virtus (1.0.5)
      axiom-types (~> 0.1)
      coercible (~> 1.0)
      descendants_tracker (~> 0.0, >= 0.0.3)
      equalizer (~> 0.0, >= 0.0.9)

PLATFORMS
  ruby

DEPENDENCIES
  rtasklib
  sinatra

BUNDLED WITH
   1.16.1
